PATH
  remote: .
  specs:
    arduino_build_notifier (0.0.2)
      celluloid
      dino
      gli
      httparty
      nokogiri

GEM
  remote: http://rubygems.org/
  specs:
    celluloid (0.12.3)
      facter (>= 1.6.12)
      timers (>= 1.0.0)
    diff-lcs (1.1.3)
    dino (0.8)
      serialport
    facter (1.6.14)
    gli (2.4.1)
    httparty (0.9.0)
      multi_json (~> 1.0)
      multi_xml
    multi_json (1.3.7)
    multi_xml (0.5.1)
    nokogiri (1.5.5)
    rspec (2.11.0)
      rspec-core (~> 2.11.0)
      rspec-expectations (~> 2.11.0)
      rspec-mocks (~> 2.11.0)
    rspec-core (2.11.1)
    rspec-expectations (2.11.3)
      diff-lcs (~> 1.1.3)
    rspec-mocks (2.11.3)
    serialport (1.1.0)
    timers (1.0.1)

PLATFORMS
  ruby

DEPENDENCIES
  arduino_build_notifier!
  rspec
